GEM
  remote: https://rubygems.org/
  specs:
    erubis (2.7.0)
    rack (1.6.4)
    redcarpet (3.3.4)
    roda (2.1.0)
      rack
    tilt (2.0.4)

PLATFORMS
  ruby

DEPENDENCIES
  erubis (~> 2.7.0)
  redcarpet (~> 3.3.4)
  roda (~> 2.1.0)
  tilt (~> 2.0.1)

BUNDLED WITH
   1.12.4
